GEM
  remote: http://rubygems.org/
  specs:
    graphql (1.10.6)
    graphql-schema_comparator (1.0.0)
      bundler (>= 1.14)
      graphql (~> 1.10)
      thor (>= 0.19, < 2.0)
    thor (1.0.1)

PLATFORMS
  ruby

DEPENDENCIES
  graphql (= 1.10.6)
  graphql-schema_comparator (~> 1.0.0)

BUNDLED WITH
   2.1.4
